GEM
  remote: https://rubygems.org/
  specs:
    aigu (1.2)
      nokogiri (~> 1.6)
    mini_portile2 (2.8.0)
    nokogiri (1.13.8)
      mini_portile2 (~> 2.8.0)
      racc (~> 1.4)
    racc (1.6.0)

PLATFORMS
  ruby

DEPENDENCIES
  aigu

BUNDLED WITH
   1.16.2
