GEM
  remote: https://rubygems.org/
  specs:
    aigu (1.2)
      nokogiri (~> 1.6)
    mini_portile2 (2.5.1)
    nokogiri (1.11.4)
      mini_portile2 (~> 2.5.0)
      racc (~> 1.4)
    racc (1.5.2)

PLATFORMS
  ruby

DEPENDENCIES
  aigu

BUNDLED WITH
   1.16.2
