GEM
  remote: https://rubygems.org/
  specs:
    aigu (1.2)
      nokogiri (~> 1.6)
    mini_portile2 (2.6.1)
    nokogiri (1.12.5)
      mini_portile2 (~> 2.6.1)
      racc (~> 1.4)
    racc (1.5.2)

PLATFORMS
  ruby

DEPENDENCIES
  aigu

BUNDLED WITH
   1.16.2
